GEM
  remote: https://rubygems.org/
  specs:
    dotenv (2.4.0)
    faraday (0.13.1)
      multipart-post (>= 1.2, < 3)
    multipart-post (2.0.0)

PLATFORMS
  ruby

DEPENDENCIES
  dotenv
  faraday

BUNDLED WITH
   1.15.4
